GEM
  remote: https://rubygems.vpsfree.cz/
  specs:
    gli (2.17.2)
    json (2.3.0)
    libosctl (19.09.0.build20200302182217)
      rainbow (~> 3.0.0)
      require_all (~> 2.0.0)
    osup (19.09.0.build20200302182217)
      gli (~> 2.17.1)
      json
      libosctl (= 19.09.0.build20200302182217)
      require_all (~> 2.0.0)
    rainbow (3.0.0)
    require_all (2.0.0)

PLATFORMS
  ruby

DEPENDENCIES
  osup (= 19.09.0.build20200302182217)

BUNDLED WITH
   1.17.3
