GEM
  remote: https://rubygems.vpsfree.cz/
  specs:
    gli (2.17.2)
    json (2.2.0)
    libosctl (19.03.0.build20190704172222)
      rainbow (~> 3.0.0)
      require_all (~> 2.0.0)
    osup (19.03.0.build20190704172222)
      gli (~> 2.17.1)
      json
      libosctl (= 19.03.0.build20190704172222)
      require_all (~> 2.0.0)
    rainbow (3.0.0)
    require_all (2.0.0)

PLATFORMS
  ruby

DEPENDENCIES
  osup (= 19.03.0.build20190704172222)

BUNDLED WITH
   1.17.2
